RESTRICTION: || (== net471) (== netcoreapp2.0) (== netcoreapp3.1) (== netstandard2.0)
NUGET
  remote: https://api.nuget.org/v3/index.json
    Aardium (1.0.21)
      Aardvark.Base.FSharp (>= 4.5.8)
    Aardvark.Application (4.12.12)
      Aardvark.Base.Essentials (>= 4.5.29 < 4.6)
      Aardvark.Base.Incremental (>= 4.5.29 < 4.6)
      Aardvark.Base.Rendering (4.12.12)
      FShade.Core (>= 4.3.9 < 4.4)
      FShade.GLSL (>= 4.3.9)
      FSharp.Core (>= 4.6.2 < 4.7)
    Aardvark.Application.Slim (4.12.12)
      Aardvark.Application (4.12.12)
      Aardvark.Base.Essentials (>= 4.5.29 < 4.6)
      Aardvark.Base.Incremental (>= 4.5.29 < 4.6)
      Aardvark.Base.Rendering (4.12.12)
      Aardvark.Base.Runtime (>= 4.5.29 < 4.6)
      FShade (>= 4.3.9 < 4.4)
      FSharp.Core (>= 4.6.2 < 4.7)
      Unofficial.OpenTK (>= 3.0.16 < 3.1)
    Aardvark.Application.Slim.GL (4.12.12)
      Aardvark.Application (4.12.12)
      Aardvark.Base.Essentials (>= 4.5.29 < 4.6)
      Aardvark.Base.Incremental (>= 4.5.29 < 4.6)
      Aardvark.Base.Rendering (4.12.12)
      Aardvark.Base.Runtime (>= 4.5.29 < 4.6)
      Aardvark.Rendering.GL (4.12.12)
      FShade (>= 4.3.9 < 4.4)
      FSharp.Core (>= 4.6.2 < 4.7)
      Unofficial.OpenTK (>= 3.0.16 < 3.1)
    Aardvark.Base (4.5.29)
      Aardvark.Base.Telemetry (4.5.29)
      DevILSharp (>= 0.2.9 < 0.3)
      System.Collections.Immutable (>= 1.5 < 1.6)
    Aardvark.Base.Essentials (4.5.29)
      Aardvark.Base (4.5.29)
      DevILSharp (>= 0.2.9 < 0.3)
      System.Collections.Immutable (>= 1.5 < 1.6)
      System.Reactive (>= 4.1.5 < 4.2)
    Aardvark.Base.FSharp (4.5.29)
      Aardvark.Base (4.5.29)
      Aardvark.Base.TypeProviders (>= 4.5.15 < 4.6)
      DevILSharp (>= 0.2.9 < 0.3)
      FSharp.Core (>= 4.6.2 < 4.7)
      FsPickler (>= 5.2.2 < 5.3)
      System.Dynamic.Runtime (>= 4.3 < 4.4)
    Aardvark.Base.Incremental (4.5.29)
      Aardvark.Base (4.5.29)
      Aardvark.Base.FSharp (4.5.29)
      Aardvark.Base.TypeProviders (>= 4.5.15 < 4.6)
      DevILSharp (>= 0.2.9 < 0.3)
      FSharp.Core (>= 4.6.2 < 4.7)
      FsPickler (>= 5.2.2 < 5.3)
    Aardvark.Base.IO (4.5.29)
      Aardvark.Base (4.5.29)
      DevILSharp (>= 0.2.9 < 0.3)
      System.Dynamic.Runtime (>= 4.3 < 4.4)
    Aardvark.Base.Rendering (4.12.12)
      Aardvark.Base.Essentials (>= 4.5.29 < 4.6)
      Aardvark.Base.Incremental (>= 4.5.29 < 4.6)
      FShade.Core (>= 4.3.9 < 4.4)
      FShade.GLSL (>= 4.3.9)
      FSharp.Core (>= 4.6.2 < 4.7)
    Aardvark.Base.Runtime (4.5.29)
      Aardvark.Base.FSharp (4.5.29)
      Aardvark.Base.Incremental (4.5.29)
      Aardvark.Base.TypeProviders (>= 4.5.15 < 4.6)
      DevILSharp (>= 0.2.9 < 0.3)
      FSharp.Core (>= 4.6.2 < 4.7)
      FsPickler (>= 5.2.2 < 5.3)
    Aardvark.Base.Telemetry (4.5.29)
    Aardvark.Base.TypeProviders (4.5.15)
      FSharp.Core (>= 3.1.2.5) - restriction: || (== net471) (&& (== netcoreapp2.0) (>= net45)) (&& (== netcoreapp3.1) (>= net45)) (&& (== netstandard2.0) (>= net45))
      FSharp.Core (>= 4.2.3) - restriction: || (&& (== net471) (< net45)) (== netcoreapp2.0) (== netcoreapp3.1) (== netstandard2.0)
    Aardvark.Compiler.DomainTypes (4.3)
      Aardvark.Base.Incremental (>= 4.5.8 < 4.6)
      FSharp.Core (>= 4.6.2 < 4.7)
    Aardvark.Compiler.DomainTypes.MSBuild (4.3)
      Aardvark.Compiler.DomainTypes (4.3)
    Aardvark.Geometry (4.5.29)
      Aardvark.Base.FSharp (4.5.29)
      Aardvark.Base.TypeProviders (>= 4.5.15 < 4.6)
      DevILSharp (>= 0.2.9 < 0.3)
      FSharp.Core (>= 4.6.2 < 4.7)
      FsPickler (>= 5.2.2 < 5.3)
      Unofficial.LibTessDotNet (>= 2.0.2 < 2.1)
    Aardvark.Geometry.Intersection (4.10.19)
      Aardvark.Base (>= 4.5.22 < 4.6)
      Aardvark.Base.IO (>= 4.5.22 < 4.6)
      FSharp.Core (>= 4.6.2 < 4.7)
    Aardvark.Geometry.PointTree (4.10.19)
      Aardvark.Base (>= 4.5.22 < 4.6)
      Aardvark.Base.IO (>= 4.5.22 < 4.6)
      FSharp.Core (>= 4.6.2 < 4.7)
    Aardvark.GPGPU (4.12.12)
      Aardvark.Base.Incremental (>= 4.5.29 < 4.6)
      Aardvark.Base.Rendering (4.12.12)
      FShade.Core (>= 4.3.9 < 4.4)
      FShade.GLSL (>= 4.3.9)
      FSharp.Core (>= 4.6.2 < 4.7)
    Aardvark.Rendering.GL (4.12.12)
      Aardvark.Base.Essentials (>= 4.5.29 < 4.6)
      Aardvark.Base.Incremental (>= 4.5.29 < 4.6)
      Aardvark.Base.Rendering (4.12.12)
      Aardvark.Base.Runtime (>= 4.5.29 < 4.6)
      FShade (>= 4.3.9 < 4.4)
      FSharp.Core (>= 4.6.2 < 4.7)
      Unofficial.OpenTK (>= 3.0.16 < 3.1)
    Aardvark.Rendering.Text (4.12.12)
      Aardvark.Base.Incremental (>= 4.5.29 < 4.6)
      Aardvark.Base.Rendering (4.12.12)
      Aardvark.SceneGraph (4.12.12)
      CommonMark.NET (>= 0.15.1 < 0.16)
      FShade.Core (>= 4.3.9 < 4.4)
      FShade.GLSL (>= 4.3.9)
      FSharp.Core (>= 4.6.2 < 4.7)
      Unofficial.LibTessDotNet (>= 2.0.2 < 2.1)
      Unofficial.Typography (>= 0.0.3 < 0.1)
    Aardvark.Rendering.Vulkan (4.12.12)
      Aardvark.Base.Incremental (>= 4.5.29 < 4.6)
      Aardvark.Base.Rendering (4.12.12)
      Aardvark.Base.Runtime (>= 4.5.29 < 4.6)
      FShade (>= 4.3.9 < 4.4)
      FSharp.Core (>= 4.6.2 < 4.7)
      GLSLangSharp (>= 0.4.4 < 0.5)
    Aardvark.SceneGraph (4.12.12)
      Aardvark.Base.Incremental (>= 4.5.29 < 4.6)
      Aardvark.Base.Rendering (4.12.12)
      FShade.Core (>= 4.3.9 < 4.4)
      FShade.GLSL (>= 4.3.9)
      FSharp.Core (>= 4.6.2 < 4.7)
    Aardvark.SceneGraph.IO (4.12.12)
      Aardvark.Base.Incremental (>= 4.5.29 < 4.6)
      Aardvark.Base.Rendering (4.12.12)
      Aardvark.SceneGraph (4.12.12)
      FShade.Core (>= 4.3.9 < 4.4)
      FShade.GLSL (>= 4.3.9)
      FSharp.Core (>= 4.6.2 < 4.7)
      Unofficial.AssimpNet (>= 4.0.1 < 4.1)
    Aardvark.SceneGraph.Opc (4.12.12)
      Aardvark.Base.Incremental (>= 4.5.29 < 4.6)
      Aardvark.Base.IO (>= 4.5.29 < 4.6)
      Aardvark.Base.Rendering (4.12.12)
      Aardvark.SceneGraph (4.12.12)
      FSharp.Core (>= 4.6.2 < 4.7)
      SharpZipLib.NETStandard (>= 1.0.7 < 1.1)
    Aardvark.Service (4.7.3)
      Aardvark.Application (>= 4.12.12)
      Aardvark.Base (>= 4.5.17 < 4.6)
      Aardvark.Base.FSharp (>= 4.5.17 < 4.6)
      Aardvark.Base.Incremental (>= 4.5.17 < 4.6)
      Aardvark.Base.Rendering (>= 4.12 < 4.13)
      Aardvark.GPGPU (>= 4.12 < 4.13)
      Aardvark.Rendering.GL (>= 4.12.12)
      Aardvark.Rendering.Vulkan (>= 4.12 < 4.13)
      FSharp.Core (>= 4.6.2 < 4.7)
      FsPickler (>= 5.2.2 < 5.3)
      FsPickler.Json (>= 5.2.2 < 5.3)
      Suave (>= 2.5.5 < 2.6)
    Aardvark.UI (4.7.3)
      Aardvark.Application (>= 4.12.12)
      Aardvark.Base (>= 4.5.17 < 4.6)
      Aardvark.Base.FSharp (>= 4.5.17 < 4.6)
      Aardvark.Base.Incremental (>= 4.5.17 < 4.6)
      Aardvark.Base.Rendering (>= 4.12 < 4.13)
      Aardvark.Compiler.DomainTypes (>= 4.3 < 4.4)
      Aardvark.GPGPU (>= 4.12 < 4.13)
      Aardvark.Rendering.GL (>= 4.12.12)
      Aardvark.Rendering.Vulkan (>= 4.12 < 4.13)
      Aardvark.SceneGraph (>= 4.12 < 4.13)
      Aardvark.Service (4.7.3)
      FSharp.Core (>= 4.6.2 < 4.7)
      FsPickler (>= 5.2.2 < 5.3)
      FsPickler.Json (>= 5.2.2 < 5.3)
      Suave (>= 2.5.5 < 2.6)
    Aardvark.UI.Primitives (4.7.3)
      Aardvark.Application (>= 4.12.12)
      Aardvark.Base (>= 4.5.17 < 4.6)
      Aardvark.Base.FSharp (>= 4.5.17 < 4.6)
      Aardvark.Base.Incremental (>= 4.5.17 < 4.6)
      Aardvark.Base.Rendering (>= 4.12 < 4.13)
      Aardvark.Compiler.DomainTypes.MSBuild (>= 4.3 < 4.4)
      Aardvark.SceneGraph (>= 4.12 < 4.13)
      Aardvark.Service (4.7.3)
      Aardvark.UI (4.7.3)
      FSharp.Core (>= 4.6.2 < 4.7)
      FsPickler (>= 5.2.2 < 5.3)
      FsPickler.Json (>= 5.2.2 < 5.3)
    Aether (8.3.1)
      FSharp.Core (>= 4.3.4)
      System.ValueTuple (>= 4.4) - restriction: || (== net471) (&& (== netcoreapp2.0) (>= net45)) (&& (== netcoreapp3.1) (>= net45)) (&& (== netstandard2.0) (>= net45))
    Chiron (6.3.1)
      Aether (>= 8.2)
      FParsec (>= 1.0.3)
      FSharp.Core (>= 4.3.4)
      System.ValueTuple (>= 4.4) - restriction: || (== net471) (&& (== netcoreapp2.0) (>= net452)) (&& (== netcoreapp3.1) (>= net452)) (&& (== netstandard2.0) (>= net452))
    CommonMark.NET (0.15.1)
    DevILSharp (0.2.9)
      FSharp.Core (>= 4.6.2)
    FParsec (1.1.1)
      FSharp.Core (>= 4.3.4)
      System.ValueTuple (>= 4.4) - restriction: || (== net471) (&& (== netcoreapp2.0) (>= net45)) (&& (== netcoreapp3.1) (>= net45)) (&& (== netstandard2.0) (>= net45))
    FShade (4.3.9)
      FShade.Core (4.3.9)
      FShade.GLSL (4.3.9)
      FShade.Imperative (4.3.9)
      FShade.SpirV (4.3.9)
    FShade.Core (4.3.9)
      Aardvark.Base (>= 4.5.11 < 4.6)
      Aardvark.Base.FSharp (>= 4.5.11 < 4.6)
      FShade.Imperative (4.3.9)
      FSharp.Core (>= 4.6.2 < 4.7)
    FShade.GLSL (4.3.9)
      Aardvark.Base (>= 4.5.11 < 4.6)
      Aardvark.Base.FSharp (>= 4.5.11 < 4.6)
      FShade.Core (4.3.9)
      FShade.Imperative (4.3.9)
      FSharp.Core (>= 4.6.2 < 4.7)
    FShade.Imperative (4.3.9)
      Aardvark.Base (>= 4.5.11 < 4.6)
      Aardvark.Base.FSharp (>= 4.5.11 < 4.6)
      FSharp.Core (>= 4.6.2 < 4.7)
      FsPickler (>= 5.2.2 < 5.3)
    FShade.SpirV (4.3.9)
      Aardvark.Base (>= 4.5.11 < 4.6)
      Aardvark.Base.FSharp (>= 4.5.11 < 4.6)
      FShade.Core (4.3.9)
      FShade.Imperative (4.3.9)
      FSharp.Core (>= 4.6.2 < 4.7)
    FSharp.Core (4.6.2)
    FSharp.Data (3.1.1)
      FSharp.Core (>= 4.0.0.1) - restriction: || (== net471) (&& (== netcoreapp2.0) (>= net45)) (&& (== netcoreapp3.1) (>= net45)) (&& (== netstandard2.0) (>= net45))
      FSharp.Core (>= 4.3.4) - restriction: || (&& (== net471) (< net45)) (== netcoreapp2.0) (== netcoreapp3.1) (== netstandard2.0)
    FsPickler (5.2.2)
      FSharp.Core (>= 3.1.2) - restriction: || (== net471) (&& (== netcoreapp2.0) (>= net45)) (&& (== netcoreapp3.1) (>= net45)) (&& (== netstandard2.0) (>= net45))
      FSharp.Core (>= 4.3.2) - restriction: || (&& (== net471) (< net45)) (== netcoreapp2.0) (== netcoreapp3.1) (== netstandard2.0)
      System.Reflection.Emit.Lightweight (>= 4.3) - restriction: || (&& (== net471) (< net45)) (== netcoreapp2.0) (== netcoreapp3.1) (== netstandard2.0)
    FsPickler.Json (5.2.2)
      FSharp.Core (>= 3.1.2) - restriction: || (== net471) (&& (== netcoreapp2.0) (>= net45)) (&& (== netcoreapp3.1) (>= net45)) (&& (== netstandard2.0) (>= net45))
      FSharp.Core (>= 4.3.2) - restriction: || (&& (== net471) (< net45)) (== netcoreapp2.0) (== netcoreapp3.1) (== netstandard2.0)
      Newtonsoft.Json (>= 6.0.5) - restriction: || (== net471) (&& (== netcoreapp2.0) (>= net45)) (&& (== netcoreapp3.1) (>= net45)) (&& (== netstandard2.0) (>= net45))
      Newtonsoft.Json (>= 10.0.1) - restriction: || (&& (== net471) (< net45)) (== netcoreapp2.0) (== netcoreapp3.1) (== netstandard2.0)
      SourceLink.Embed.PaketFiles
    GLSLangSharp (0.4.6)
      FSharp.Core (>= 4.6.2)
    Microsoft.NETCore.Platforms (3.1.1) - restriction: || (&& (== net471) (< net45)) (== netcoreapp2.0) (== netcoreapp3.1) (== netstandard2.0)
    Microsoft.NETCore.Targets (3.1) - restriction: || (&& (== net471) (< net45)) (== netcoreapp2.0) (== netcoreapp3.1) (== netstandard2.0)
    NETStandard.Library (2.0.3) - restriction: || (&& (== net471) (< net45)) (== netcoreapp2.0) (== netcoreapp3.1) (== netstandard2.0)
      Microsoft.NETCore.Platforms (>= 1.1)
    Newtonsoft.Json (12.0.3)
    OPCViewer.Base (0.0.7)
    RestSharp (106.6.10)
    SharpZipLib.NETStandard (1.0.7)
      NETStandard.Library (>= 1.6.1) - restriction: || (&& (== net471) (< net45)) (== netcoreapp2.0) (== netcoreapp3.1) (== netstandard2.0)
    SourceLink.Embed.PaketFiles (2.8.3)
    Suave (2.5.6)
      FSharp.Core (>= 4.3.4)
    System.Collections (4.3) - restriction: || (&& (== net471) (< net45)) (== netcoreapp2.0) (== netcoreapp3.1) (== netstandard2.0)
      Microsoft.NETCore.Platforms (>= 1.1) - restriction: || (&& (== net471) (< net45)) (== netcoreapp2.0) (== netcoreapp3.1) (== netstandard2.0)
      Microsoft.NETCore.Targets (>= 1.1) - restriction: || (&& (== net471) (< net45)) (== netcoreapp2.0) (== netcoreapp3.1) (== netstandard2.0)
      System.Runtime (>= 4.3) - restriction: || (&& (== net471) (< net45)) (== netcoreapp2.0) (== netcoreapp3.1) (== netstandard2.0)
    System.Collections.Immutable (1.5)
    System.Diagnostics.Debug (4.3) - restriction: || (&& (== net471) (< net45)) (== netcoreapp2.0) (== netcoreapp3.1) (== netstandard2.0)
      Microsoft.NETCore.Platforms (>= 1.1) - restriction: || (&& (== net471) (< net45)) (== netcoreapp2.0) (== netcoreapp3.1) (== netstandard2.0)
      Microsoft.NETCore.Targets (>= 1.1) - restriction: || (&& (== net471) (< net45)) (== netcoreapp2.0) (== netcoreapp3.1) (== netstandard2.0)
      System.Runtime (>= 4.3) - restriction: || (&& (== net471) (< net45)) (== netcoreapp2.0) (== netcoreapp3.1) (== netstandard2.0)
    System.Dynamic.Runtime (4.3)
      System.Collections (>= 4.3) - restriction: || (&& (== net471) (< net45)) (== netcoreapp2.0) (== netcoreapp3.1) (== netstandard2.0)
      System.Diagnostics.Debug (>= 4.3) - restriction: || (&& (== net471) (< net45)) (== netcoreapp2.0) (== netcoreapp3.1) (== netstandard2.0)
      System.Linq (>= 4.3) - restriction: || (&& (== net471) (< net45)) (== netcoreapp2.0) (== netcoreapp3.1) (== netstandard2.0)
      System.Linq.Expressions (>= 4.3) - restriction: || (&& (== net471) (< net45)) (== netcoreapp2.0) (== netcoreapp3.1) (== netstandard2.0)
      System.ObjectModel (>= 4.3) - restriction: || (&& (== net471) (< net45)) (== netcoreapp2.0) (== netcoreapp3.1) (== netstandard2.0)
      System.Reflection (>= 4.3) - restriction: || (&& (== net471) (< net45)) (== netcoreapp2.0) (== netcoreapp3.1) (== netstandard2.0)
      System.Reflection.Emit (>= 4.3) - restriction: || (&& (== net471) (< net45)) (== netcoreapp2.0) (== netcoreapp3.1) (== netstandard2.0)
      System.Reflection.Emit.ILGeneration (>= 4.3) - restriction: || (&& (== net471) (< net45)) (== netcoreapp2.0) (== netcoreapp3.1) (== netstandard2.0)
      System.Reflection.Primitives (>= 4.3) - restriction: || (&& (== net471) (< net45)) (== netcoreapp2.0) (== netcoreapp3.1) (== netstandard2.0)
      System.Reflection.TypeExtensions (>= 4.3) - restriction: || (&& (== net471) (< net45)) (== netcoreapp2.0) (== netcoreapp3.1) (== netstandard2.0)
      System.Resources.ResourceManager (>= 4.3) - restriction: || (&& (== net471) (< net45)) (== netcoreapp2.0) (== netcoreapp3.1) (== netstandard2.0)
      System.Runtime (>= 4.3) - restriction: || (&& (== net471) (< net45)) (== netcoreapp2.0) (== netcoreapp3.1) (== netstandard2.0)
      System.Runtime.Extensions (>= 4.3) - restriction: || (&& (== net471) (< net45)) (== netcoreapp2.0) (== netcoreapp3.1) (== netstandard2.0)
      System.Threading (>= 4.3) - restriction: || (&& (== net471) (< net45)) (== netcoreapp2.0) (== netcoreapp3.1) (== netstandard2.0)
    System.Globalization (4.3) - restriction: || (&& (== net471) (< net45)) (== netcoreapp2.0) (== netcoreapp3.1) (== netstandard2.0)
      Microsoft.NETCore.Platforms (>= 1.1) - restriction: || (&& (== net471) (< net45)) (== netcoreapp2.0) (== netcoreapp3.1) (== netstandard2.0)
      Microsoft.NETCore.Targets (>= 1.1) - restriction: || (&& (== net471) (< net45)) (== netcoreapp2.0) (== netcoreapp3.1) (== netstandard2.0)
      System.Runtime (>= 4.3) - restriction: || (&& (== net471) (< net45)) (== netcoreapp2.0) (== netcoreapp3.1) (== netstandard2.0)
    System.IO (4.3) - restriction: || (&& (== net471) (< net45)) (== netcoreapp2.0) (== netcoreapp3.1) (== netstandard2.0)
      Microsoft.NETCore.Platforms (>= 1.1) - restriction: || (&& (== net471) (< net45)) (== netcoreapp2.0) (== netcoreapp3.1) (== netstandard2.0)
      Microsoft.NETCore.Targets (>= 1.1) - restriction: || (&& (== net471) (< net45)) (== netcoreapp2.0) (== netcoreapp3.1) (== netstandard2.0)
      System.Runtime (>= 4.3) - restriction: || (&& (== net471) (< net45)) (== netcoreapp2.0) (== netcoreapp3.1) (== netstandard2.0)
      System.Text.Encoding (>= 4.3) - restriction: || (&& (== net471) (< net45)) (== netcoreapp2.0) (== netcoreapp3.1) (== netstandard2.0)
      System.Threading.Tasks (>= 4.3) - restriction: || (&& (== net471) (< net45)) (== netcoreapp2.0) (== netcoreapp3.1) (== netstandard2.0)
    System.Linq (4.3) - restriction: || (&& (== net471) (< net45)) (== netcoreapp2.0) (== netcoreapp3.1) (== netstandard2.0)
      System.Collections (>= 4.3) - restriction: || (&& (== net471) (< net45)) (== netcoreapp2.0) (== netcoreapp3.1) (== netstandard2.0)
      System.Diagnostics.Debug (>= 4.3) - restriction: || (&& (== net471) (< net45)) (== netcoreapp2.0) (== netcoreapp3.1) (== netstandard2.0)
      System.Resources.ResourceManager (>= 4.3) - restriction: || (&& (== net471) (< net45)) (== netcoreapp2.0) (== netcoreapp3.1) (== netstandard2.0)
      System.Runtime (>= 4.3) - restriction: || (&& (== net471) (< net45)) (== netcoreapp2.0) (== netcoreapp3.1) (== netstandard2.0)
      System.Runtime.Extensions (>= 4.3) - restriction: || (&& (== net471) (< net45)) (== netcoreapp2.0) (== netcoreapp3.1) (== netstandard2.0)
    System.Linq.Expressions (4.3) - restriction: || (&& (== net471) (< net45)) (== netcoreapp2.0) (== netcoreapp3.1) (== netstandard2.0)
      System.Collections (>= 4.3) - restriction: || (&& (== net471) (< net45)) (== netcoreapp2.0) (== netcoreapp3.1) (== netstandard2.0)
      System.Diagnostics.Debug (>= 4.3) - restriction: || (&& (== net471) (< net45)) (== netcoreapp2.0) (== netcoreapp3.1) (== netstandard2.0)
      System.Globalization (>= 4.3) - restriction: || (&& (== net471) (< net45)) (== netcoreapp2.0) (== netcoreapp3.1) (== netstandard2.0)
      System.IO (>= 4.3) - restriction: || (&& (== net471) (< net45)) (== netcoreapp2.0) (== netcoreapp3.1) (== netstandard2.0)
      System.Linq (>= 4.3) - restriction: || (&& (== net471) (< net45)) (== netcoreapp2.0) (== netcoreapp3.1) (== netstandard2.0)
      System.ObjectModel (>= 4.3) - restriction: || (&& (== net471) (< net45)) (== netcoreapp2.0) (== netcoreapp3.1) (== netstandard2.0)
      System.Reflection (>= 4.3) - restriction: || (&& (== net471) (< net45)) (== netcoreapp2.0) (== netcoreapp3.1) (== netstandard2.0)
      System.Reflection.Emit (>= 4.3) - restriction: || (&& (== net471) (< net45)) (== netcoreapp2.0) (== netcoreapp3.1) (== netstandard2.0)
      System.Reflection.Emit.ILGeneration (>= 4.3) - restriction: || (&& (== net471) (< net45)) (== netcoreapp2.0) (== netcoreapp3.1) (== netstandard2.0)
      System.Reflection.Emit.Lightweight (>= 4.3) - restriction: || (&& (== net471) (< net45)) (== netcoreapp2.0) (== netcoreapp3.1) (== netstandard2.0)
      System.Reflection.Extensions (>= 4.3) - restriction: || (&& (== net471) (< net45)) (== netcoreapp2.0) (== netcoreapp3.1) (== netstandard2.0)
      System.Reflection.Primitives (>= 4.3) - restriction: || (&& (== net471) (< net45)) (== netcoreapp2.0) (== netcoreapp3.1) (== netstandard2.0)
      System.Reflection.TypeExtensions (>= 4.3) - restriction: || (&& (== net471) (< net45)) (== netcoreapp2.0) (== netcoreapp3.1) (== netstandard2.0)
      System.Resources.ResourceManager (>= 4.3) - restriction: || (&& (== net471) (< net45)) (== netcoreapp2.0) (== netcoreapp3.1) (== netstandard2.0)
      System.Runtime (>= 4.3) - restriction: || (&& (== net471) (< net45)) (== netcoreapp2.0) (== netcoreapp3.1) (== netstandard2.0)
      System.Runtime.Extensions (>= 4.3) - restriction: || (&& (== net471) (< net45)) (== netcoreapp2.0) (== netcoreapp3.1) (== netstandard2.0)
      System.Threading (>= 4.3) - restriction: || (&& (== net471) (< net45)) (== netcoreapp2.0) (== netcoreapp3.1) (== netstandard2.0)
    System.ObjectModel (4.3) - restriction: || (&& (== net471) (< net45)) (== netcoreapp2.0) (== netcoreapp3.1) (== netstandard2.0)
      System.Collections (>= 4.3) - restriction: || (&& (== net471) (< net45)) (== netcoreapp2.0) (== netcoreapp3.1) (== netstandard2.0)
      System.Diagnostics.Debug (>= 4.3) - restriction: || (&& (== net471) (< net45)) (== netcoreapp2.0) (== netcoreapp3.1) (== netstandard2.0)
      System.Resources.ResourceManager (>= 4.3) - restriction: || (&& (== net471) (< net45)) (== netcoreapp2.0) (== netcoreapp3.1) (== netstandard2.0)
      System.Runtime (>= 4.3) - restriction: || (&& (== net471) (< net45)) (== netcoreapp2.0) (== netcoreapp3.1) (== netstandard2.0)
      System.Threading (>= 4.3) - restriction: || (&& (== net471) (< net45)) (== netcoreapp2.0) (== netcoreapp3.1) (== netstandard2.0)
    System.Reactive (4.1.6)
      System.Runtime.InteropServices.WindowsRuntime (>= 4.3) - restriction: || (&& (== net471) (< net46)) (== netcoreapp2.0) (== netcoreapp3.1) (== netstandard2.0)
      System.Threading.Tasks.Extensions (>= 4.5.2)
      System.ValueTuple (>= 4.5) - restriction: || (== net471) (&& (== netcoreapp2.0) (>= net46)) (&& (== netcoreapp2.0) (>= uap10.0)) (&& (== netcoreapp3.1) (>= net46)) (&& (== netcoreapp3.1) (>= uap10.0)) (&& (== netstandard2.0) (>= net46)) (&& (== netstandard2.0) (>= uap10.0))
    System.Reflection (4.3) - restriction: || (&& (== net471) (< net45)) (== netcoreapp2.0) (== netcoreapp3.1) (== netstandard2.0)
      Microsoft.NETCore.Platforms (>= 1.1) - restriction: || (&& (== net471) (< net45)) (== netcoreapp2.0) (== netcoreapp3.1) (== netstandard2.0)
      Microsoft.NETCore.Targets (>= 1.1) - restriction: || (&& (== net471) (< net45)) (== netcoreapp2.0) (== netcoreapp3.1) (== netstandard2.0)
      System.IO (>= 4.3) - restriction: || (&& (== net471) (< net45)) (== netcoreapp2.0) (== netcoreapp3.1) (== netstandard2.0)
      System.Reflection.Primitives (>= 4.3) - restriction: || (&& (== net471) (< net45)) (== netcoreapp2.0) (== netcoreapp3.1) (== netstandard2.0)
      System.Runtime (>= 4.3) - restriction: || (&& (== net471) (< net45)) (== netcoreapp2.0) (== netcoreapp3.1) (== netstandard2.0)
    System.Reflection.Emit (4.7) - restriction: || (&& (== net471) (< net45)) (== netcoreapp2.0) (== netcoreapp3.1) (== netstandard2.0)
      System.Reflection.Emit.ILGeneration (>= 4.7) - restriction: || (&& (== net471) (< net45)) (&& (== net471) (< netstandard1.1)) (&& (== net471) (< netstandard2.0) (>= wpa81)) (&& (== net471) (>= uap10.1)) (&& (== netcoreapp2.0) (< netstandard1.1)) (&& (== netcoreapp2.0) (< netstandard2.0)) (&& (== netcoreapp2.0) (>= uap10.1)) (&& (== netcoreapp3.1) (< netcoreapp2.0) (< netstandard2.1)) (&& (== netcoreapp3.1) (< netstandard1.1)) (&& (== netcoreapp3.1) (< netstandard2.0)) (&& (== netcoreapp3.1) (>= uap10.1)) (== netstandard2.0)
    System.Reflection.Emit.ILGeneration (4.7) - restriction: || (&& (== net471) (< net45)) (&& (== net471) (< netstandard2.0) (>= wpa81)) (&& (== net471) (< portable-net45+wp8)) (&& (== net471) (>= uap10.1)) (== netcoreapp2.0) (== netcoreapp3.1) (== netstandard2.0)
    System.Reflection.Emit.Lightweight (4.7) - restriction: || (&& (== net471) (< net45)) (== netcoreapp2.0) (== netcoreapp3.1) (== netstandard2.0)
      System.Reflection.Emit.ILGeneration (>= 4.7) - restriction: || (&& (== net471) (< net45)) (&& (== net471) (< netstandard2.0) (>= wpa81)) (&& (== net471) (< portable-net45+wp8)) (&& (== net471) (>= uap10.1)) (&& (== netcoreapp2.0) (< netstandard2.0)) (&& (== netcoreapp2.0) (< portable-net45+wp8)) (&& (== netcoreapp2.0) (>= uap10.1)) (&& (== netcoreapp3.1) (< netcoreapp2.0) (< netstandard2.1)) (&& (== netcoreapp3.1) (< netstandard2.0)) (&& (== netcoreapp3.1) (< portable-net45+wp8)) (&& (== netcoreapp3.1) (>= uap10.1)) (== netstandard2.0)
    System.Reflection.Extensions (4.3) - restriction: || (&& (== net471) (< net45)) (== netcoreapp2.0) (== netcoreapp3.1) (== netstandard2.0)
      Microsoft.NETCore.Platforms (>= 1.1) - restriction: || (&& (== net471) (< net45)) (== netcoreapp2.0) (== netcoreapp3.1) (== netstandard2.0)
      Microsoft.NETCore.Targets (>= 1.1) - restriction: || (&& (== net471) (< net45)) (== netcoreapp2.0) (== netcoreapp3.1) (== netstandard2.0)
      System.Reflection (>= 4.3) - restriction: || (&& (== net471) (< net45)) (== netcoreapp2.0) (== netcoreapp3.1) (== netstandard2.0)
      System.Runtime (>= 4.3) - restriction: || (&& (== net471) (< net45)) (== netcoreapp2.0) (== netcoreapp3.1) (== netstandard2.0)
    System.Reflection.Primitives (4.3) - restriction: || (&& (== net471) (< net45)) (== netcoreapp2.0) (== netcoreapp3.1) (== netstandard2.0)
      Microsoft.NETCore.Platforms (>= 1.1) - restriction: || (&& (== net471) (< net45)) (== netcoreapp2.0) (== netcoreapp3.1) (== netstandard2.0)
      Microsoft.NETCore.Targets (>= 1.1) - restriction: || (&& (== net471) (< net45)) (== netcoreapp2.0) (== netcoreapp3.1) (== netstandard2.0)
      System.Runtime (>= 4.3) - restriction: || (&& (== net471) (< net45)) (== netcoreapp2.0) (== netcoreapp3.1) (== netstandard2.0)
    System.Reflection.TypeExtensions (4.7) - restriction: || (&& (== net471) (< net45)) (== netcoreapp2.0) (== netcoreapp3.1) (== netstandard2.0)
    System.Resources.ResourceManager (4.3) - restriction: || (&& (== net471) (< net45)) (== netcoreapp2.0) (== netcoreapp3.1) (== netstandard2.0)
      Microsoft.NETCore.Platforms (>= 1.1) - restriction: || (&& (== net471) (< net45)) (== netcoreapp2.0) (== netcoreapp3.1) (== netstandard2.0)
      Microsoft.NETCore.Targets (>= 1.1) - restriction: || (&& (== net471) (< net45)) (== netcoreapp2.0) (== netcoreapp3.1) (== netstandard2.0)
      System.Globalization (>= 4.3) - restriction: || (&& (== net471) (< net45)) (== netcoreapp2.0) (== netcoreapp3.1) (== netstandard2.0)
      System.Reflection (>= 4.3) - restriction: || (&& (== net471) (< net45)) (== netcoreapp2.0) (== netcoreapp3.1) (== netstandard2.0)
      System.Runtime (>= 4.3) - restriction: || (&& (== net471) (< net45)) (== netcoreapp2.0) (== netcoreapp3.1) (== netstandard2.0)
    System.Runtime (4.3.1) - restriction: || (&& (== net471) (< net45)) (== netcoreapp2.0) (== netcoreapp3.1) (== netstandard2.0)
      Microsoft.NETCore.Platforms (>= 1.1.1) - restriction: || (&& (== net471) (< net45)) (== netcoreapp2.0) (== netcoreapp3.1) (== netstandard2.0)
      Microsoft.NETCore.Targets (>= 1.1.3) - restriction: || (&& (== net471) (< net45)) (== netcoreapp2.0) (== netcoreapp3.1) (== netstandard2.0)
    System.Runtime.CompilerServices.Unsafe (4.7.1) - restriction: || (== net471) (== netcoreapp2.0) (&& (== netcoreapp3.1) (>= net461)) (&& (== netcoreapp3.1) (< netcoreapp2.1)) (&& (== netcoreapp3.1) (< netstandard1.0)) (&& (== netcoreapp3.1) (< netstandard2.0)) (&& (== netcoreapp3.1) (>= wp8)) (== netstandard2.0)
    System.Runtime.Extensions (4.3.1) - restriction: || (&& (== net471) (< net45)) (== netcoreapp2.0) (== netcoreapp3.1) (== netstandard2.0)
      Microsoft.NETCore.Platforms (>= 1.1.1) - restriction: || (&& (== net471) (< net45)) (== netcoreapp2.0) (== netcoreapp3.1) (== netstandard2.0)
      Microsoft.NETCore.Targets (>= 1.1.3) - restriction: || (&& (== net471) (< net45)) (== netcoreapp2.0) (== netcoreapp3.1) (== netstandard2.0)
      System.Runtime (>= 4.3.1) - restriction: || (&& (== net471) (< net45)) (== netcoreapp2.0) (== netcoreapp3.1) (== netstandard2.0)
    System.Runtime.InteropServices.WindowsRuntime (4.3) - restriction: || (&& (== net471) (< net46)) (== netcoreapp2.0) (== netcoreapp3.1) (== netstandard2.0)
      System.Runtime (>= 4.3) - restriction: || (&& (== net471) (< net45)) (== netcoreapp2.0) (== netcoreapp3.1) (== netstandard2.0)
    System.Text.Encoding (4.3) - restriction: || (&& (== net471) (< net45)) (== netcoreapp2.0) (== netcoreapp3.1) (== netstandard2.0)
      Microsoft.NETCore.Platforms (>= 1.1) - restriction: || (&& (== net471) (< net45)) (== netcoreapp2.0) (== netcoreapp3.1) (== netstandard2.0)
      Microsoft.NETCore.Targets (>= 1.1) - restriction: || (&& (== net471) (< net45)) (== netcoreapp2.0) (== netcoreapp3.1) (== netstandard2.0)
      System.Runtime (>= 4.3) - restriction: || (&& (== net471) (< net45)) (== netcoreapp2.0) (== netcoreapp3.1) (== netstandard2.0)
    System.Threading (4.3) - restriction: || (&& (== net471) (< net45)) (== netcoreapp2.0) (== netcoreapp3.1) (== netstandard2.0)
      System.Runtime (>= 4.3) - restriction: || (&& (== net471) (< net45)) (== netcoreapp2.0) (== netcoreapp3.1) (== netstandard2.0)
      System.Threading.Tasks (>= 4.3) - restriction: || (&& (== net471) (< net45)) (== netcoreapp2.0) (== netcoreapp3.1) (== netstandard2.0)
    System.Threading.Tasks (4.3) - restriction: || (&& (== net471) (< net45)) (== netcoreapp2.0) (== netcoreapp3.1) (== netstandard2.0)
      Microsoft.NETCore.Platforms (>= 1.1) - restriction: || (&& (== net471) (< net45)) (== netcoreapp2.0) (== netcoreapp3.1) (== netstandard2.0)
      Microsoft.NETCore.Targets (>= 1.1) - restriction: || (&& (== net471) (< net45)) (== netcoreapp2.0) (== netcoreapp3.1) (== netstandard2.0)
      System.Runtime (>= 4.3) - restriction: || (&& (== net471) (< net45)) (== netcoreapp2.0) (== netcoreapp3.1) (== netstandard2.0)
    System.Threading.Tasks.Extensions (4.5.4)
      System.Runtime.CompilerServices.Unsafe (>= 4.5.3) - restriction: || (== net471) (== netcoreapp2.0) (&& (== netcoreapp3.1) (>= net461)) (&& (== netcoreapp3.1) (< netcoreapp2.1)) (&& (== netcoreapp3.1) (< netstandard1.0)) (&& (== netcoreapp3.1) (< netstandard2.0)) (&& (== netcoreapp3.1) (>= wp8)) (== netstandard2.0)
    System.ValueTuple (4.5) - restriction: || (== net471) (&& (== netcoreapp2.0) (>= net452)) (&& (== netcoreapp2.0) (>= net46)) (&& (== netcoreapp2.0) (>= uap10.0)) (&& (== netcoreapp3.1) (>= net452)) (&& (== netcoreapp3.1) (>= net46)) (&& (== netcoreapp3.1) (>= uap10.0)) (&& (== netstandard2.0) (>= net452)) (&& (== netstandard2.0) (>= net46)) (&& (== netstandard2.0) (>= uap10.0))
    Uncodium.Eigensystems (1.0.2)
      Aardvark.Base (>= 4.0 < 5.0)
    Unofficial.AssimpNet (4.0.9)
    Unofficial.LibTessDotNet (2.0.2)
    Unofficial.OpenTK (3.0.18)
    Unofficial.Typography (0.0.3)
    WindowsAPICodePack-Core (1.1.2)
    WindowsAPICodePack-Shell (1.1.1)
      WindowsAPICodePack-Core (>= 1.1.1)
    WindowsAPICodePack-ShellExtensions (1.1.1)
      WindowsAPICodePack-Shell (>= 1.1.1)
  remote: https://vrvis.myget.org/F/aardvark/auth/11394d4d-4fe9-44ec-87c8-f3e98909f975/api/v3/index.json
    Aardvark.GeoSpatial.Opc (0.1.11)
      Aardvark.Base (>= 4.5.29 < 4.6)
      Aardvark.Base.FSharp (>= 4.5.29 < 4.6)
      Aardvark.Base.Incremental (>= 4.5.29 < 4.6)
      Aardvark.Base.IO (>= 4.5.29 < 4.6)
      Aardvark.Base.Rendering (>= 4.12.8 < 4.13)
      Aardvark.Geometry.Intersection (>= 4.10.10 < 4.11)
      Aardvark.Rendering.GL (>= 4.12.8)
      Aardvark.SceneGraph (>= 4.12.8 < 4.13)
      Aardvark.SceneGraph.Opc (>= 4.12.8 < 4.13)
      FSharp.Core (>= 4.6.2 < 4.7)

GROUP Build
CONTENT: NONE
RESTRICTION: == net45
NUGET
  remote: https://api.nuget.org/v3/index.json
    Argu (5.5)
      FSharp.Core (>= 4.0.0.1)
    fake-cli (5.19.1)
    Fake.Core.Target (5.19.1)
    Fake.DotNet.Cli (5.19.1)
    Fake.DotNet.MSBuild (5.19.1)
    Fake.IO.FileSystem (5.19.1)
    Fake.Tools.Git (5.19.1)
    FSharp.Core (4.6.2)
    Mono.Cecil (0.10.4)
    SourceLink.Fake (1.1)
    System.IO.Compression.ZipFile (4.3)
GITHUB
  remote: aardvark-platform/aardvark.fake
    FULLPROJECT (7cbfd4d294b590c1757062801076ef657824f554)
      Argu (>= 5.5 < 5.6)
      fake-cli (>= 5.19 < 5.20)
      Fake.Core.Target (>= 5.19 < 5.20)
      Fake.DotNet.Cli (>= 5.19 < 5.20)
      Fake.DotNet.MSBuild (>= 5.19 < 5.20)
      Fake.IO.FileSystem (>= 5.19 < 5.20)
      Fake.Tools.Git (>= 5.19 < 5.20)
      Mono.Cecil (>= 0.10.4 < 0.11)
      SourceLink.Fake (>= 1.1 < 1.2)
      System.IO.Compression.ZipFile (>= 4.3 < 4.4)